GEM
  remote: https://rubygems.org/
  specs:
    byebug (11.1.1)
    childprocess (3.0.0)
    mini_portile2 (2.4.0)
    nokogiri (1.10.9)
      mini_portile2 (~> 2.4.0)
    rubyzip (2.3.0)
    selenium-webdriver (3.142.7)
      childprocess (>= 0.5, < 4.0)
      rubyzip (>= 1.2.2)

PLATFORMS
  ruby

DEPENDENCIES
  byebug
  nokogiri
  selenium-webdriver

BUNDLED WITH
   2.1.4
